GIT
  remote: git://github.com/ncbo/goo.git
  revision: 5e7c8f42ed2598bab36152d98a254657c6c0c311
  branch: master
  specs:
    goo (0.0.2)
      addressable (= 2.3.5)
      pry
      rdf (= 1.0.8)
      redis
      rest-client
      rsolr
      sparql-client
      systemu
      uuid

GIT
  remote: git://github.com/ncbo/resource_index.git
  revision: 9d1f0a4e2f2816990a1f80ee576c73a08e34e754
  specs:
    ncbo_resource_index (0.0.1)
      elasticsearch (= 2.0.0)
      mysql2
      pony
      ref
      ruby-xxHash
      sequel
      typhoeus

GIT
  remote: git://github.com/ncbo/sparql-client.git
  revision: 8dbf57fb87264699eb25643c35a219e02d21f4fc
  branch: master
  specs:
    sparql-client (1.0.1)
      json_pure (>= 1.4)
      net-http-persistent (= 2.9.4)
      rdf (>= 1.0)

GEM
  remote: https://rubygems.org/
  specs:
    activesupport (4.0.13)
      i18n (~> 0.6, >= 0.6.9)
      minitest (~> 4.2)
      multi_json (~> 1.3)
      thread_safe (~> 0.1)
      tzinfo (~> 0.3.37)
    addressable (2.3.5)
    bcrypt (3.1.11)
    builder (3.2.3)
    coderay (1.1.2)
    concurrent-ruby (1.0.5)
    cube-ruby (0.0.3)
    daemons (1.2.5)
    docile (1.1.5)
    domain_name (0.5.20170404)
      unf (>= 0.0.5, < 1.0.0)
    elasticsearch (2.0.0)
      elasticsearch-api (= 2.0.0)
      elasticsearch-transport (= 2.0.0)
    elasticsearch-api (2.0.0)
      multi_json
    elasticsearch-transport (2.0.0)
      faraday
      multi_json
    email_spec (2.1.1)
      htmlentities (~> 4.3.3)
      launchy (~> 2.1)
      mail (~> 2.6)
    ethon (0.11.0)
      ffi (>= 1.3.0)
    eventmachine (1.2.5)
    faraday (0.13.1)
      multipart-post (>= 1.2, < 3)
    ffi (1.9.18)
    htmlentities (4.3.4)
    http-cookie (1.0.3)
      domain_name (~> 0.5)
    i18n (0.9.1)
      concurrent-ruby (~> 1.0)
    json (2.1.0)
    json_pure (2.1.0)
    launchy (2.4.3)
      addressable (~> 2.3)
    libxml-ruby (2.9.0)
    logger (1.4.2)
    macaddr (1.7.1)
      systemu (~> 2.6.2)
    mail (2.6.6)
      mime-types (>= 1.16, < 4)
    method_source (0.9.0)
    mime-types (3.1)
      mime-types-data (~> 3.2015)
    mime-types-data (3.2016.0521)
    minitest (4.7.5)
    multi_json (1.12.2)
    multipart-post (2.0.0)
    mysql2 (0.4.10)
    net-http-persistent (2.9.4)
    netrc (0.11.0)
    oj (2.18.5)
    omni_logger (0.1.4)
      logger
    pony (1.11)
      mail (>= 2.0)
    pry (0.11.3)
      coderay (~> 1.1.0)
      method_source (~> 0.9.0)
    rack (1.6.8)
    rack-test (0.8.2)
      rack (>= 1.0, < 3)
    rake (10.5.0)
    rdf (1.0.8)
      addressable (>= 2.2)
    redis (4.0.1)
    ref (2.0.0)
    rest-client (2.0.2)
      http-cookie (>= 1.0.2, < 2.0)
      mime-types (>= 1.16, < 4.0)
      netrc (~> 0.8)
    rsolr (1.1.2)
      builder (>= 2.1.2)
    ruby-xxHash (0.4.0.1)
    rubyzip (2.3.0)
    sequel (5.3.0)
    simplecov (0.15.1)
      docile (~> 1.1.0)
      json (>= 1.8, < 3)
      simplecov-html (~> 0.10.0)
    simplecov-html (0.10.2)
    systemu (2.6.5)
    test-unit-minitest (0.9.1)
      minitest (~> 4.7)
    thin (1.7.2)
      daemons (~> 1.0, >= 1.0.9)
      eventmachine (~> 1.0, >= 1.0.4)
      rack (>= 1, < 3)
    thread_safe (0.3.6)
    typhoeus (1.3.0)
      ethon (>= 0.9.0)
    tzinfo (0.3.53)
    unf (0.1.4)
      unf_ext
    unf_ext (0.0.7.4)
    uuid (2.3.8)
      macaddr (~> 1.0)

PLATFORMS
  ruby
  x86_64-darwin-16

DEPENDENCIES
  activesupport (~> 4.0)
  addressable (= 2.3.5)
  bcrypt (~> 3.0)
  cube-ruby
  email_spec
  goo!
  libxml-ruby (~> 2.0)
  mail (= 2.6.6)
  minitest (~> 4.0)
  multi_json (~> 1.0)
  ncbo_resource_index!
  oj (~> 2.0)
  omni_logger
  pony
  pry
  rack (~> 1.0)
  rack-test (~> 0.6)
  rake (~> 10.0)
  rsolr (~> 1.0)
  rubyzip (~> 2.3)
  simplecov
  sparql-client!
  test-unit-minitest
  thin

BUNDLED WITH
   1.15.4
